GEM
  remote: https://rubygems.org/
  specs:
    gosu (0.13.1)

PLATFORMS
  ruby

DEPENDENCIES
  gosu (~> 0.13)

BUNDLED WITH
   1.16.1
