GEM
  remote: https://rubygems.org/
  specs:
    ffi (1.9.18)
    gosu (0.13.1)
    rubyserial (0.5.0)
      ffi (~> 1.9, >= 1.9.3)

PLATFORMS
  ruby

DEPENDENCIES
  gosu (~> 0.13.1)
  rubyserial (~> 0.5.0)

BUNDLED WITH
   1.16.1
